PATH
  remote: .
  specs:
    artii (1.0.3)

GEM
  remote: http://rubygems.org/
  specs:
    diff-lcs (1.1.3)
    git (1.2.5)
    jeweler (1.6.4)
      bundler (~> 1.0)
      git (>= 1.2.5)
      rake
    rake (0.9.2.2)
    rcov (0.9.11)
    rspec (2.3.0)
      rspec-core (~> 2.3.0)
      rspec-expectations (~> 2.3.0)
      rspec-mocks (~> 2.3.0)
    rspec-core (2.3.1)
    rspec-expectations (2.3.0)
      diff-lcs (~> 1.1.2)
    rspec-mocks (2.3.0)

PLATFORMS
  ruby

DEPENDENCIES
  artii!
  bundler (~> 1.0.0)
  jeweler (~> 1.6.4)
  rcov
  rspec (~> 2.3.0)
